PATH
  remote: .
  specs:
    kraken_client (1.2.1)
      activesupport (>= 3.2)
      addressabler
      httparty

GEM
  remote: https://rubygems.org/
  specs:
    activesupport (7.0.4.1)
      concurrent-ruby (~> 1.0, >= 1.0.2)
      i18n (>= 1.6, < 2)
      minitest (>= 5.1)
      tzinfo (~> 2.0)
    addressable (2.4.0)
    addressabler (0.1.2)
      addressable (>= 2.3)
    codeclimate-test-reporter (0.5.0)
      simplecov (>= 0.7.1, < 1.0.0)
    coderay (1.1.1)
    concurrent-ruby (1.1.10)
    crack (0.4.3)
      safe_yaml (~> 1.0.0)
    hashdiff (0.3.0)
    httparty (0.15.5)
      multi_xml (>= 0.5.2)
    i18n (1.12.0)
      concurrent-ruby (~> 1.0)
    matchi (0.0.9)
    method_source (0.8.2)
    minitest (5.17.0)
    multi_json (1.12.1)
    multi_xml (0.6.0)
    pry (0.10.3)
      coderay (~> 1.1.0)
      method_source (~> 0.8.1)
      slop (~> 3.4)
    rake (11.1.2)
    safe_yaml (1.0.4)
    simplecov (0.7.1)
      multi_json (~> 1.0)
      simplecov-html (~> 0.7.1)
    simplecov-html (0.7.1)
    slop (3.6.0)
    spectus (2.3.1)
      matchi (~> 0.0)
    tzinfo (2.0.5)
      concurrent-ruby (~> 1.0)
    vcr (3.0.3)
    webmock (2.0.3)
      addressable (>= 2.3.6)
      crack (>= 0.3.2)
      hashdiff
    webrick (1.7.0)
    yard (0.9.28)
      webrick (~> 1.7.0)

PLATFORMS
  ruby

DEPENDENCIES
  bundler (~> 1.10)
  codeclimate-test-reporter
  kraken_client!
  pry
  rake
  simplecov (~> 0.7.1)
  spectus (~> 2.3.1)
  vcr
  webmock
  yard (~> 0.9.11)

BUNDLED WITH
   1.14.5
